GEM
  remote: https://rubygems.org/
  specs:
    byebug (11.0.1)
    httparty (0.21.0)
      mini_mime (>= 1.0.0)
      multi_xml (>= 0.5.2)
    mini_mime (1.1.2)
    mini_portile2 (2.8.4)
    multi_xml (0.6.0)
    nokogiri (1.15.4)
      mini_portile2 (~> 2.8.2)
      racc (~> 1.4)
    racc (1.7.1)

PLATFORMS
  ruby

DEPENDENCIES
  byebug
  httparty
  nokogiri

BUNDLED WITH
   1.11.2
